GEM
  remote: http://rubygems.org/
  specs:
    activesupport (3.0.0)
    blankslate (2.1.2.3)
    bluepill (0.0.43)
      activesupport (>= 2.3.4)
      blankslate (>= 2.1.2.2)
      daemons (>= 1.0.9)
      state_machine (>= 0.8.0)
    capistrano (2.5.19)
      highline
      net-scp (>= 1.0.0)
      net-sftp (>= 2.0.0)
      net-ssh (>= 2.0.14)
      net-ssh-gateway (>= 1.0.0)
    daemons (1.1.0)
    highline (1.6.1)
    net-scp (1.0.4)
      net-ssh (>= 1.99.1)
    net-sftp (2.0.5)
      net-ssh (>= 2.0.9)
    net-ssh (2.0.23)
    net-ssh-gateway (1.0.1)
      net-ssh (>= 1.99.1)
    state_machine (0.9.4)

PLATFORMS
  ruby

DEPENDENCIES
  bluepill
  capistrano
